PATH
  remote: .
  specs:
    minitest-stub_any_instance (1.0.0)

GEM
  remote: https://rubygems.org/
  specs:
    minitest (5.8.2)
    rake (10.4.2)

PLATFORMS
  ruby

DEPENDENCIES
  bundler (~> 1.3)
  minitest
  minitest-stub_any_instance!
  rake

BUNDLED WITH
   1.10.6
